GEM
  remote: https://rubygems.org/
  specs:
    asciidoctor (1.5.2)
    celluloid (0.16.0)
      timers (~> 4.0.0)
    coderay (1.1.0)
    ffi (1.9.8-x64-mingw32)
    hitimes (1.2.2)
    listen (2.10.0)
      celluloid (~> 0.16.0)
      rb-fsevent (>= 0.9.3)
      rb-inotify (>= 0.9)
    rb-fsevent (0.9.4)
    rb-inotify (0.9.5)
      ffi (>= 0.5.0)
    thread_safe (0.3.5)
    tilt (2.0.1)
    timers (4.0.1)
      hitimes
    wdm (0.1.0)

PLATFORMS
  x64-mingw32

DEPENDENCIES
  asciidoctor
  coderay
  listen (~> 2.7)
  thread_safe
  tilt
  wdm (>= 0.1.0)
